GEM
  remote: https://rubygems.org/
  specs:
    ffi (1.9.3)
    haml (5.0.0)
      temple (>= 0.8.0)
      tilt
    rack (1.5.2)
    rack-protection (1.5.2)
      rack
    ruby-inotify (1.0.2)
      ffi
    sequel (4.5.0)
    sinatra (1.4.4)
      rack (~> 1.4)
      rack-protection (~> 1.4)
      tilt (~> 1.3, >= 1.3.4)
    sinatra-default_charset (0.2.0)
      sinatra (>= 1.0)
    sqlite3 (1.3.7)
    temple (0.8.2)
    tilt (1.4.1)

PLATFORMS
  ruby

DEPENDENCIES
  haml
  ruby-inotify
  sequel
  sinatra
  sinatra-default_charset
  sqlite3
