GEM
  remote: https://rubygems.org/
  specs:
    ffi (1.9.3)
    haml (4.0.3)
      tilt
    mustermann (2.0.2)
      ruby2_keywords (~> 0.0.1)
    rack (2.2.4)
    rack-protection (2.2.3)
      rack
    ruby-inotify (1.0.2)
      ffi
    ruby2_keywords (0.0.5)
    sequel (4.5.0)
    sinatra (2.2.3)
      mustermann (~> 2.0)
      rack (~> 2.2)
      rack-protection (= 2.2.3)
      tilt (~> 2.0)
    sinatra-default_charset (0.2.0)
      sinatra (>= 1.0)
    sqlite3 (1.3.7)
    tilt (2.0.11)

PLATFORMS
  ruby

DEPENDENCIES
  haml
  ruby-inotify
  sequel
  sinatra
  sinatra-default_charset
  sqlite3
